GEM
  remote: https://rubygems.org/
  specs:
    jwt (1.5.0)

PLATFORMS
  ruby

DEPENDENCIES
  jwt
